PATH
  remote: ../..
  specs:
    zuokiq (0.1.0)

GEM
  specs:
    coderay (1.1.3)
    method_source (1.0.0)
    pry (0.13.1)
      coderay (~> 1.1)
      method_source (~> 1.0)
    pry-rails (0.3.9)
      pry (>= 0.10.4)
    redis (4.2.5)

PLATFORMS
  x86_64-darwin-19

DEPENDENCIES
  pry
  pry-rails
  redis
  zuokiq!

BUNDLED WITH
   2.2.3
